GEM
  remote: https://rubygems.org/
  specs:
    activesupport (6.1.7.7)
      concurrent-ruby (~> 1.0, >= 1.0.2)
      i18n (>= 1.6, < 2)
      minitest (>= 5.1)
      tzinfo (~> 2.0)
      zeitwerk (~> 2.3)
    ast (2.4.2)
    bigdecimal (3.1.7)
    coderay (1.1.3)
    concurrent-ruby (1.2.3)
    dark_finger (0.6.1)
      rubocop (>= 0.51.0)
    graphql (2.1.1)
    i18n (1.14.4)
      concurrent-ruby (~> 1.0)
    json (2.7.2)
    method_source (1.0.0)
    minitest (5.22.3)
    parallel (1.24.0)
    parser (3.3.0.5)
      ast (~> 2.4.1)
      racc
    prettier (2.1.0)
    pry (0.14.2)
      coderay (~> 1.1)
      method_source (~> 1.0)
    psych (5.1.2)
      stringio
    racc (1.7.3)
    rack (3.0.10)
    rainbow (3.1.1)
    rake (13.2.1)
    rdoc (6.6.3.1)
      psych (>= 4.0.0)
    regexp_parser (2.9.0)
    rexml (3.2.6)
    rubocop (1.50.2)
      json (~> 2.3)
      parallel (~> 1.10)
      parser (>= 3.2.0.0)
      rainbow (>= 2.2.2, < 4.0)
      regexp_parser (>= 1.8, < 3.0)
      rexml (>= 3.2.5, < 4.0)
      rubocop-ast (>= 1.28.0, < 2.0)
      ruby-progressbar (~> 1.7)
      unicode-display_width (>= 2.4.0, < 3.0)
    rubocop-ast (1.30.0)
      parser (>= 3.2.1.0)
    rubocop-graphql (1.1.1)
      rubocop (>= 0.87, < 2)
    rubocop-migrations (0.1.0)
      rubocop (>= 0.42.0)
    rubocop-minitest (0.30.0)
      rubocop (>= 1.39, < 2.0)
    rubocop-performance (1.17.1)
      rubocop (>= 1.7.0, < 2.0)
      rubocop-ast (>= 0.4.0)
    rubocop-rails (2.19.1)
      activesupport (>= 4.2.0)
      rack (>= 1.1)
      rubocop (>= 1.33.0, < 2.0)
    rubocop-rake (0.6.0)
      rubocop (~> 1.0)
    rubocop-rspec (2.17.1)
      rubocop (~> 1.33)
    rubocop-shopify (2.5.0)
      rubocop (~> 1.25)
    rubocop-sorbet (0.8.0)
      rubocop (>= 0.90.0)
    rubocop-thread_safety (0.5.1)
      rubocop (>= 0.90.0)
    ruby-progressbar (1.13.0)
    safe_yaml (1.0.5)
    stringio (3.0.6)
    tzinfo (2.0.6)
      concurrent-ruby (~> 1.0)
    unicode-display_width (2.5.0)
    yard (0.9.36)
    zeitwerk (2.6.13)

PLATFORMS
  x86_64-darwin-22
  x86_64-linux

DEPENDENCIES
  activesupport
  bigdecimal
  dark_finger
  graphql
  parser
  prettier
  pry
  rake
  rdoc
  rubocop
  rubocop-graphql
  rubocop-migrations
  rubocop-minitest
  rubocop-performance
  rubocop-rails
  rubocop-rake
  rubocop-rspec
  rubocop-shopify
  rubocop-sorbet
  rubocop-thread_safety
  safe_yaml
  yard

BUNDLED WITH
   2.4.20
